GEM
  remote: http://rubygems.org/
  specs:
    colored (1.2)
    eventmachine (1.0.3)
    logger (1.2.8)
    websocket (1.1.2)
    websocket-eventmachine-base (1.0.2)
      eventmachine (~> 1.0)
      websocket (~> 1.0)
      websocket-native (~> 1.0)
    websocket-eventmachine-server (1.0.1)
      websocket-eventmachine-base (~> 1.0)
    websocket-native (1.0.0)

PLATFORMS
  ruby

DEPENDENCIES
  colored
  eventmachine
  logger
  websocket-eventmachine-server
