GEM
  remote: http://rubygems.org/
  specs:
    colored (1.2)
    eventmachine (1.0.3)
    logger (1.2.8)

PLATFORMS
  ruby

DEPENDENCIES
  colored
  eventmachine
  logger
